GEM
  remote: https://rubygems.org/
  specs:
    actioncable (6.1.7.6)
      actionpack (= 6.1.7.6)
      activesupport (= 6.1.7.6)
      nio4r (~> 2.0)
      websocket-driver (>= 0.6.1)
    actionmailbox (6.1.7.6)
      actionpack (= 6.1.7.6)
      activejob (= 6.1.7.6)
      activerecord (= 6.1.7.6)
      activestorage (= 6.1.7.6)
      activesupport (= 6.1.7.6)
      mail (>= 2.7.1)
    actionmailer (6.1.7.6)
      actionpack (= 6.1.7.6)
      actionview (= 6.1.7.6)
      activejob (= 6.1.7.6)
      activesupport (= 6.1.7.6)
      mail (~> 2.5, >= 2.5.4)
      rails-dom-testing (~> 2.0)
    actionpack (6.1.7.6)
      actionview (= 6.1.7.6)
      activesupport (= 6.1.7.6)
      rack (~> 2.0, >= 2.0.9)
      rack-test (>= 0.6.3)
      rails-dom-testing (~> 2.0)
      rails-html-sanitizer (~> 1.0, >= 1.2.0)
    actionpack-xml_parser (2.0.1)
      actionpack (>= 5.0)
      railties (>= 5.0)
    actiontext (6.1.7.6)
      actionpack (= 6.1.7.6)
      activerecord (= 6.1.7.6)
      activestorage (= 6.1.7.6)
      activesupport (= 6.1.7.6)
      nokogiri (>= 1.8.5)
    actionview (6.1.7.6)
      activesupport (= 6.1.7.6)
      builder (~> 3.1)
      erubi (~> 1.4)
      rails-dom-testing (~> 2.0)
      rails-html-sanitizer (~> 1.1, >= 1.2.0)
    activejob (6.1.7.6)
      activesupport (= 6.1.7.6)
      globalid (>= 0.3.6)
    activemodel (6.1.7.6)
      activesupport (= 6.1.7.6)
    activerecord (6.1.7.6)
      activemodel (= 6.1.7.6)
      activesupport (= 6.1.7.6)
    activestorage (6.1.7.6)
      actionpack (= 6.1.7.6)
      activejob (= 6.1.7.6)
      activerecord (= 6.1.7.6)
      activesupport (= 6.1.7.6)
      marcel (~> 1.0)
      mini_mime (>= 1.1.0)
    activesupport (6.1.7.6)
      concurrent-ruby (~> 1.0, >= 1.0.2)
      i18n (>= 1.6, < 2)
      minitest (>= 5.1)
      tzinfo (~> 2.0)
      zeitwerk (~> 2.3)
    addressable (2.8.7)
      public_suffix (>= 2.0.2, < 7.0)
    ast (2.4.2)
    base64 (0.2.0)
    builder (3.3.0)
    byebug (11.1.3)
    capybara (3.40.0)
      addressable
      matrix
      mini_mime (>= 0.1.3)
      nokogiri (~> 1.11)
      rack (>= 1.6.0)
      rack-test (>= 0.6.3)
      regexp_parser (>= 1.5, < 3.0)
      xpath (~> 3.2)
    chartkick (5.1.2)
    chronic (0.10.2)
    chunky_png (1.4.0)
    coderay (1.1.3)
    commonmarker (0.23.10)
    concurrent-ruby (1.3.4)
    connection_pool (2.4.1)
    crass (1.0.6)
    css_parser (1.19.0)
      addressable
    csv (3.2.9)
    daemons (1.4.1)
    database_cleaner-active_record (2.2.0)
      activerecord (>= 5.a)
      database_cleaner-core (~> 2.0.0)
    database_cleaner-core (2.0.1)
    date (3.4.1)
    deckar01-task_list (2.3.2)
      html-pipeline
    delayed_job (4.1.12)
      activesupport (>= 3.0, < 8.0)
    delayed_job_active_record (4.1.10)
      activerecord (>= 3.0, < 8.0)
      delayed_job (>= 3.0, < 5)
    delayed_job_web (1.4.4)
      activerecord (> 3.0.0)
      delayed_job (> 2.0.3)
      rack-protection (>= 1.5.5)
      sinatra (>= 1.4.4)
    diff-lcs (1.5.1)
    docile (1.4.1)
    erubi (1.13.0)
    ffi (1.17.0-arm64-darwin)
    ffi (1.17.0-x86_64-darwin)
    ffi (1.17.0-x86_64-linux-gnu)
    globalid (1.2.1)
      activesupport (>= 6.1)
    groupdate (6.4.0)
      activesupport (>= 6.1)
    hashie (5.0.0)
    html-pipeline (2.13.2)
      activesupport (>= 2)
      nokogiri (>= 1.4)
    htmlentities (4.3.4)
    i18n (1.14.6)
      concurrent-ruby (~> 1.0)
    jquery-rails (4.6.0)
      rails-dom-testing (>= 1, < 3)
      railties (>= 4.2.0)
      thor (>= 0.14, < 2.0)
    json (2.7.2)
    language_server-protocol (3.17.0.3)
    liquid (4.0.4)
    listen (3.0.8)
      rb-fsevent (~> 0.9, >= 0.9.4)
      rb-inotify (~> 0.9, >= 0.9.7)
    logger (1.6.1)
    loofah (2.22.0)
      crass (~> 1.0.2)
      nokogiri (>= 1.12.0)
    mail (2.8.1)
      mini_mime (>= 0.1.1)
      net-imap
      net-pop
      net-smtp
    marcel (1.0.4)
    matrix (0.4.2)
    method_source (1.1.0)
    mini_magick (4.12.0)
    mini_mime (1.1.5)
    minitest (5.25.1)
    mocha (2.4.5)
      ruby2_keywords (>= 0.0.5)
    mustermann (3.0.3)
      ruby2_keywords (~> 0.0.1)
    mysql2 (0.5.6)
    net-imap (0.3.7)
      date
      net-protocol
    net-ldap (0.17.1)
    net-pop (0.1.2)
      net-protocol
    net-protocol (0.2.2)
      timeout
    net-smtp (0.3.4)
      net-protocol
    nio4r (2.7.3)
    nokogiri (1.15.6-arm64-darwin)
      racc (~> 1.4)
    nokogiri (1.15.6-x86_64-darwin)
      racc (~> 1.4)
    nokogiri (1.15.6-x86_64-linux)
      racc (~> 1.4)
    observer (0.1.2)
    omniauth (2.1.2)
      hashie (>= 3.4.6)
      rack (>= 2.2.3)
      rack-protection
    parallel (1.26.3)
    parser (3.3.5.0)
      ast (~> 2.4.1)
      racc
    pkg-config (1.5.6)
    pry (0.14.2)
      coderay (~> 1.1)
      method_source (~> 1.0)
    pry-nav (1.0.0)
      pry (>= 0.9.10, < 0.15)
    pry-remote (0.1.8)
      pry (~> 0.9)
      slop (~> 3.0)
    public_suffix (6.0.1)
    puma (6.4.3)
      nio4r (~> 2.0)
    racc (1.8.1)
    rack (2.2.9)
    rack-protection (3.2.0)
      base64 (>= 0.1.0)
      rack (~> 2.2, >= 2.2.4)
    rack-session (1.0.2)
      rack (< 3)
    rack-test (2.1.0)
      rack (>= 1.3)
    rails (6.1.7.6)
      actioncable (= 6.1.7.6)
      actionmailbox (= 6.1.7.6)
      actionmailer (= 6.1.7.6)
      actionpack (= 6.1.7.6)
      actiontext (= 6.1.7.6)
      actionview (= 6.1.7.6)
      activejob (= 6.1.7.6)
      activemodel (= 6.1.7.6)
      activerecord (= 6.1.7.6)
      activestorage (= 6.1.7.6)
      activesupport (= 6.1.7.6)
      bundler (>= 1.15.0)
      railties (= 6.1.7.6)
      sprockets-rails (>= 2.0.0)
    rails-dom-testing (2.2.0)
      activesupport (>= 5.0.0)
      minitest
      nokogiri (>= 1.6)
    rails-html-sanitizer (1.6.0)
      loofah (~> 2.21)
      nokogiri (~> 1.14)
    railties (6.1.7.6)
      actionpack (= 6.1.7.6)
      activesupport (= 6.1.7.6)
      method_source
      rake (>= 12.2)
      thor (~> 1.0)
    rainbow (3.1.1)
    rake (13.2.1)
    rb-fsevent (0.11.2)
    rb-inotify (0.11.1)
      ffi (~> 1.0)
    rbpdf (1.21.3)
      htmlentities
      rbpdf-font (~> 1.19.0)
    rbpdf-font (1.19.1)
    redcarpet (3.6.0)
    redis (5.3.0)
      redis-client (>= 0.22.0)
    redis-actionpack (5.4.0)
      actionpack (>= 5, < 8)
      redis-rack (>= 2.1.0, < 4)
      redis-store (>= 1.1.0, < 2)
    redis-activesupport (5.3.0)
      activesupport (>= 3, < 8)
      redis-store (>= 1.3, < 2)
    redis-client (0.22.2)
      connection_pool
    redis-rack (3.0.0)
      rack-session (>= 0.2.0)
      redis-store (>= 1.2, < 2)
    redis-rails (5.0.2)
      redis-actionpack (>= 5.0, < 6)
      redis-activesupport (>= 5.0, < 6)
      redis-store (>= 1.2, < 2)
    redis-store (1.11.0)
      redis (>= 4, < 6)
    redmineup (1.0.6)
      liquid (> 4.0, < 5.0)
      rails
      rubyzip
    regexp_parser (2.9.2)
    request_store (1.5.1)
      rack (>= 1.4)
    rexml (3.3.8)
    rmagick (6.0.1)
      observer (~> 0.1)
      pkg-config (~> 1.4)
    roadie (5.2.1)
      css_parser (~> 1.4)
      nokogiri (~> 1.15)
    roadie-rails (3.1.0)
      railties (>= 5.1, < 8.0)
      roadie (~> 5.0)
    rotp (6.3.0)
    rouge (4.2.1)
    rqrcode (2.2.0)
      chunky_png (~> 1.0)
      rqrcode_core (~> 1.0)
    rqrcode_core (1.2.0)
    rspec (3.13.0)
      rspec-core (~> 3.13.0)
      rspec-expectations (~> 3.13.0)
      rspec-mocks (~> 3.13.0)
    rspec-core (3.13.1)
      rspec-support (~> 3.13.0)
    rspec-expectations (3.13.3)
      diff-lcs (>= 1.2.0, < 2.0)
      rspec-support (~> 3.13.0)
    rspec-mocks (3.13.2)
      diff-lcs (>= 1.2.0, < 2.0)
      rspec-support (~> 3.13.0)
    rspec-rails (6.1.5)
      actionpack (>= 6.1)
      activesupport (>= 6.1)
      railties (>= 6.1)
      rspec-core (~> 3.13)
      rspec-expectations (~> 3.13)
      rspec-mocks (~> 3.13)
      rspec-support (~> 3.13)
    rspec-support (3.13.1)
    rubocop (1.57.2)
      json (~> 2.3)
      language_server-protocol (>= 3.17.0)
      parallel (~> 1.10)
      parser (>= 3.2.2.4)
      rainbow (>= 2.2.2, < 4.0)
      regexp_parser (>= 1.8, < 3.0)
      rexml (>= 3.2.5, < 4.0)
      rubocop-ast (>= 1.28.1, < 2.0)
      ruby-progressbar (~> 1.7)
      unicode-display_width (>= 2.4.0, < 3.0)
    rubocop-ast (1.32.3)
      parser (>= 3.3.1.0)
    rubocop-performance (1.19.1)
      rubocop (>= 1.7.0, < 2.0)
      rubocop-ast (>= 0.4.0)
    rubocop-rails (2.22.2)
      activesupport (>= 4.2.0)
      rack (>= 1.1)
      rubocop (>= 1.33.0, < 2.0)
      rubocop-ast (>= 1.30.0, < 2.0)
    ruby-progressbar (1.13.0)
    ruby2_keywords (0.0.5)
    rubyzip (2.3.2)
    sanitize (6.1.3)
      crass (~> 1.0.2)
      nokogiri (>= 1.12.0)
    selenium-webdriver (4.25.0)
      base64 (~> 0.2)
      logger (~> 1.4)
      rexml (~> 3.2, >= 3.2.5)
      rubyzip (>= 1.2.2, < 3.0)
      websocket (~> 1.0)
    simplecov (0.22.0)
      docile (~> 1.1)
      simplecov-html (~> 0.11)
      simplecov_json_formatter (~> 0.1)
    simplecov-html (0.13.1)
    simplecov_json_formatter (0.1.4)
    sinatra (3.2.0)
      mustermann (~> 3.0)
      rack (~> 2.2, >= 2.2.4)
      rack-protection (= 3.2.0)
      tilt (~> 2.0)
    slim (5.2.1)
      temple (~> 0.10.0)
      tilt (>= 2.1.0)
    slim-rails (3.6.3)
      actionpack (>= 3.1)
      railties (>= 3.1)
      slim (>= 3.0, < 6.0, != 5.0.0)
    slop (3.6.0)
    sprockets (4.2.1)
      concurrent-ruby (~> 1.0)
      rack (>= 2.2.4, < 4)
    sprockets-rails (3.5.2)
      actionpack (>= 6.1)
      activesupport (>= 6.1)
      sprockets (>= 3.0.0)
    temple (0.10.3)
    thor (1.3.2)
    tilt (2.4.0)
    timeout (0.4.1)
    tzinfo (2.0.6)
      concurrent-ruby (~> 1.0)
    unicode-display_width (2.6.0)
    webrick (1.8.2)
    websocket (1.2.11)
    websocket-driver (0.7.6)
      websocket-extensions (>= 0.1.0)
    websocket-extensions (0.1.5)
    whenever (1.0.0)
      chronic (>= 0.6.3)
    will_paginate (4.0.1)
    with_advisory_lock (5.1.0)
      activerecord (>= 6.1)
      zeitwerk (>= 2.6)
    xpath (3.2.0)
      nokogiri (~> 1.8)
    yard (0.9.37)
    zeitwerk (2.6.18)

PLATFORMS
  arm64-darwin
  x86_64-darwin
  x86_64-linux

DEPENDENCIES
  actionpack-xml_parser
  addressable
  byebug
  capybara (>= 3.39)
  chartkick
  commonmarker (~> 0.23.8)
  csv (~> 3.2.6)
  daemons
  database_cleaner-active_record (~> 2.0)
  deckar01-task_list (= 2.3.2)
  delayed_job_active_record
  delayed_job_web
  ffi
  groupdate
  html-pipeline (~> 2.13.2)
  i18n (~> 1.14.1)
  jquery-rails
  listen (~> 3.0.5)
  mail (~> 2.8.1)
  marcel
  mini_magick (~> 4.12.0)
  mini_mime (~> 1.1.0)
  mocha (>= 2.0.1)
  mysql2 (~> 0.5.0)
  net-imap (~> 0.3.4)
  net-ldap (~> 0.17.0)
  net-pop (~> 0.1.2)
  net-smtp (~> 0.3.3)
  nokogiri (~> 1.15.2)
  omniauth
  pry (~> 0.14.2)
  pry-nav
  pry-remote
  puma
  rails (= 6.1.7.6)
  rails-dom-testing
  rake
  rbpdf (~> 1.21.3)
  redcarpet (~> 3.6.0)
  redis
  redis-rails
  redmineup
  request_store (~> 1.5.0)
  rexml
  rmagick (~> 6.0.0)
  roadie-rails (~> 3.1.0)
  rotp (>= 5.0.0)
  rouge (~> 4.2.0)
  rqrcode
  rspec (~> 3.10)
  rspec-rails
  rubocop (~> 1.57.0)
  rubocop-performance (~> 1.19.0)
  rubocop-rails (~> 2.22.1)
  rubyzip (~> 2.3.0)
  sanitize (~> 6.0)
  selenium-webdriver (>= 4.11.0)
  simplecov (~> 0.22.0)
  slim-rails
  tzinfo-data
  webrick
  whenever
  will_paginate
  with_advisory_lock
  yard

RUBY VERSION
   ruby 3.2.2p53

BUNDLED WITH
   2.6.6
